GEM
  remote: https://rubygems.org/
  specs:
    colorize (1.1.0)
    mysql2 (0.5.6)
    nokogiri (1.18.4-x86_64-linux-gnu)
      racc (~> 1.4)
    racc (1.8.1)

PLATFORMS
  x86_64-linux

DEPENDENCIES
  colorize
  mysql2
  nokogiri

BUNDLED WITH
   2.4.19
