GEM
  remote: https://rubygems.org/
  specs:
    colorize (0.8.1)
    mini_portile2 (2.3.0)
    mysql2 (0.5.2)
    nokogiri (1.8.5)
      mini_portile2 (~> 2.3.0)

PLATFORMS
  ruby

DEPENDENCIES
  colorize
  mysql2
  nokogiri

BUNDLED WITH
   1.16.5
