GEM
  remote: https://rubygems.org/
  specs:
    colorize (1.1.0)
    mysql2 (0.5.5)
    nokogiri (1.16.2-x86_64-linux)
      racc (~> 1.4)
    racc (1.7.3)

PLATFORMS
  x86_64-linux

DEPENDENCIES
  colorize
  mysql2
  nokogiri

BUNDLED WITH
   2.4.19
