GEM
  remote: https://rubygems.org/
  specs:
    colorize (0.8.1)
    mini_portile2 (2.4.0)
    mysql2 (0.5.2)
    nokogiri (1.10.1)
      mini_portile2 (~> 2.4.0)

PLATFORMS
  ruby

DEPENDENCIES
  colorize
  mysql2
  nokogiri

BUNDLED WITH
   1.17.2
