GEM
  remote: https://rubygems.org/
  specs:
    colorize (0.8.1)
    mysql2 (0.5.5)
    nokogiri (1.14.0-x86_64-linux)
      racc (~> 1.4)
    racc (1.6.2)

PLATFORMS
  x86_64-linux

DEPENDENCIES
  colorize
  mysql2
  nokogiri

BUNDLED WITH
   2.4.5
